GEM
  remote: https://rubygems.org/
  specs:
    builder (3.2.2)
    dotenv (2.1.1)
    faraday (0.9.2)
      multipart-post (>= 1.2, < 3)
    foreman (0.82.0)
      thor (~> 0.19.1)
    geminabox (0.13.4)
      builder
      faraday
      httpclient (>= 2.2.7)
      nesty
      sinatra (>= 1.2.7)
    httpclient (2.8.2.4)
    kgio (2.10.0)
    multipart-post (2.0.0)
    nesty (1.0.2)
    rack (1.6.4)
    rack-protection (1.5.3)
      rack
    raindrops (0.17.0)
    sinatra (1.4.7)
      rack (~> 1.5)
      rack-protection (~> 1.4)
      tilt (>= 1.3, < 3)
    thor (0.19.1)
    tilt (2.0.5)
    unicorn (5.1.0)
      kgio (~> 2.6)
      raindrops (~> 0.7)

PLATFORMS
  ruby

DEPENDENCIES
  dotenv
  foreman
  geminabox
  unicorn

BUNDLED WITH
   1.13.5
