GEM
  remote: https://rubygems.org/
  specs:
    builder (3.2.2)
    dotenv (1.0.2)
    faraday (0.9.1)
      multipart-post (>= 1.2, < 3)
    foreman (0.77.0)
      dotenv (~> 1.0.2)
      thor (~> 0.19.1)
    geminabox (0.12.4)
      builder
      faraday
      httpclient (>= 2.2.7)
      nesty
      sinatra (>= 1.2.7)
    httpclient (2.6.0.1)
    kgio (2.9.3)
    multipart-post (2.0.0)
    nesty (1.0.2)
    rack (1.6.0)
    rack-protection (1.5.3)
      rack
    raindrops (0.13.0)
    sinatra (1.4.5)
      rack (~> 1.4)
      rack-protection (~> 1.4)
      tilt (~> 1.3, >= 1.3.4)
    thor (0.19.1)
    tilt (1.4.1)
    unicorn (4.8.3)
      kgio (~> 2.6)
      rack
      raindrops (~> 0.7)

PLATFORMS
  ruby

DEPENDENCIES
  dotenv
  foreman
  geminabox
  unicorn
